PATH
  remote: .
  specs:
    hotwire-debug (0.1.0)

GEM
  remote: https://rubygems.org/
  specs:
    rake (10.5.0)

PLATFORMS
  x86_64-darwin-20

DEPENDENCIES
  bundler (~> 2.0)
  hotwire-debug!
  rake (~> 10.0)

BUNDLED WITH
   2.2.4
